GIT
  remote: git://github.com/hybridgroup/artoo-sphero.git
  revision: 040da523eec821c8279b262b16eee85975ddb6fc
  specs:
    artoo-sphero (1.0.0.rc2)
      artoo (~> 1.0.0.rc)
      sphero (~> 1.4.1)

GIT
  remote: git://github.com/hybridgroup/artoo.git
  revision: 23a9f44b07f2506ee92e5101ced65324331214c2
  specs:
    artoo (1.0.0.rc3)
      celluloid (~> 0.14.1)
      celluloid-io (~> 0.14.1)
      multi_json (~> 1.6)
      pry (~> 0.9)
      rake (~> 10.0)
      reel (~> 0.4.0.pre)
      thor (~> 0.18.1)

PATH
  remote: ./artoo-leapmotion
  specs:
    artoo-leapmotion (0.1.1)
      artoo (~> 1.0.0.rc2)
      hybridgroup-celluloid-websocket-client

GEM
  remote: https://rubygems.org/
  specs:
    celluloid (0.14.1)
      timers (>= 1.0.0)
    celluloid-io (0.14.1)
      celluloid (>= 0.14.1)
      nio4r (>= 0.4.5)
    certified (0.1.1)
    coderay (1.0.9)
    http (0.4.0)
      certified
      http_parser.rb
    http_parser.rb (0.5.3)
    hybridgroup-celluloid-websocket-client (0.0.3)
      celluloid-io
      websocket-driver
    hybridgroup-serialport (1.2.1)
    hybridgroup-sphero (1.4.0)
    method_source (0.8.2)
    multi_json (1.7.8)
    nio4r (0.5.0)
    pry (0.9.12.2)
      coderay (~> 1.0.5)
      method_source (~> 0.8)
      slop (~> 3.4)
    rack (1.5.2)
    rake (10.1.0)
    reel (0.4.0.pre)
      celluloid-io (>= 0.8.0)
      http (>= 0.2.0)
      http_parser.rb (>= 0.5.3)
      rack (>= 1.4.0)
      websocket_parser (>= 0.1.2)
    slop (3.4.6)
    sphero (1.4.1)
    thor (0.18.1)
    timers (1.1.0)
    websocket-driver (0.2.3)
    websocket_parser (0.1.4)
      http

PLATFORMS
  ruby

DEPENDENCIES
  artoo!
  artoo-leapmotion!
  artoo-sphero!
  hybridgroup-serialport
  hybridgroup-sphero
